PATH
  remote: .
  specs:
    tnargav-vbox (1.3.6.dev)

PATH
  remote: ../tnargav
  specs:
    tnargav (1.3.6.dev)
      childprocess (~> 0.3.7)
      erubis (~> 2.7.0)
      i18n (~> 0.6.0)
      log4r (~> 1.1.9)
      net-scp (~> 1.1.0)
      net-ssh (~> 2.6.6)

GEM
  remote: https://rubygems.org/
  specs:
    childprocess (0.3.9)
      ffi (~> 1.0, >= 1.0.11)
    erubis (2.7.0)
    ffi (1.9.3)
    i18n (0.6.5)
    log4r (1.1.10)
    net-scp (1.1.2)
      net-ssh (>= 2.6.5)
    net-ssh (2.6.8)

PLATFORMS
  ruby

DEPENDENCIES
  tnargav!
  tnargav-vbox!
